GEM
  remote: http://rubygems.org/
  specs:
    couchbase (1.0.0)
      yajl-ruby (~> 1.1.0)
    curb (0.7.17)
    yaji (0.2.0)
    yajl-ruby (1.1.0)

PLATFORMS
  ruby

DEPENDENCIES
  couchbase (= 1.0.0)
  curb
  yaji
